GEM
  remote: http://rubygems.org/
  specs:
    ZenTest (4.6.0)
    abstract (1.0.0)
    actionmailer (3.0.9)
      actionpack (= 3.0.9)
      mail (~> 2.2.19)
    actionpack (3.0.9)
      activemodel (= 3.0.9)
      activesupport (= 3.0.9)
      builder (~> 2.1.2)
      erubis (~> 2.6.6)
      i18n (~> 0.5.0)
      rack (~> 1.2.1)
      rack-mount (~> 0.6.14)
      rack-test (~> 0.5.7)
      tzinfo (~> 0.3.23)
    activeadmin (0.3.2)
      devise (>= 1.1.2)
      fastercsv
      formtastic (< 2.0.0)
      inherited_resources (< 1.3.0)
      kaminari (>= 0.12.4)
      meta_search (>= 0.9.2)
      rails (>= 3.0.0)
      sass (>= 3.1.0)
    activemodel (3.0.9)
      activesupport (= 3.0.9)
      builder (~> 2.1.2)
      i18n (~> 0.5.0)
    activerecord (3.0.9)
      activemodel (= 3.0.9)
      activesupport (= 3.0.9)
      arel (~> 2.0.10)
      tzinfo (~> 0.3.23)
    activeresource (3.0.9)
      activemodel (= 3.0.9)
      activesupport (= 3.0.9)
    activesupport (3.0.9)
    acts_as_audited (2.0.0)
      rails (>= 3.0.3)
    airbrake (3.0.4)
      activesupport
      builder
    arel (2.0.10)
    autotest (4.4.6)
      ZenTest (>= 4.4.1)
    autotest-rails-pure (4.1.2)
    bcrypt-ruby (2.1.4-x86-mingw32)
    builder (2.1.2)
    cancan (1.6.7)
    cgi_multipart_eof_fix (2.5.0)
    daemons (1.1.4)
    data_table (0.3.9)
      rails (~> 3.0.0)
    delayed_job (2.1.4)
      activesupport (~> 3.0)
      daemons
    devise (1.4.2)
      bcrypt-ruby (~> 2.1.2)
      orm_adapter (~> 0.0.3)
      warden (~> 1.0.3)
    erubis (2.6.6)
      abstract (>= 1.0.0)
    fastercsv (1.5.4)
    formtastic (1.2.4)
      actionpack (>= 2.3.7)
      activesupport (>= 2.3.7)
      i18n (~> 0.4)
    gem_plugin (0.2.3)
    google-spreadsheet-ruby (0.1.5)
      nokogiri (>= 1.4.3.1)
      oauth (>= 0.3.6)
    guard (0.5.1)
      thor (~> 0.14.6)
    guard-test (0.3.0)
      guard (>= 0.2.2)
      test-unit (~> 2.2)
    has_scope (0.5.1)
    i18n (0.5.0)
    inherited_resources (1.2.2)
      has_scope (~> 0.5.0)
      responders (~> 0.6.0)
    jquery-rails (1.0.14)
      railties (~> 3.0)
      thor (~> 0.14)
    json (1.5.3)
    kaminari (0.12.4)
      rails (>= 3.0.0)
    mail (2.2.19)
      activesupport (>= 2.3.6)
      i18n (>= 0.4.0)
      mime-types (~> 1.16)
      treetop (~> 1.4.8)
    meta_search (1.0.6)
      actionpack (~> 3.0.2)
      activerecord (~> 3.0.2)
      activesupport (~> 3.0.2)
      arel (~> 2.0.2)
    mime-types (1.16)
    mongrel (1.1.5-x86-mingw32)
      cgi_multipart_eof_fix (>= 2.4)
      gem_plugin (>= 0.2.3)
    nifty-generators (0.4.6)
    nokogiri (1.5.0-x86-mingw32)
    oauth (0.4.5)
    orm_adapter (0.0.5)
    polyglot (0.3.2)
    pony (1.3)
      mail (> 2.0)
    rack (1.2.3)
    rack-mount (0.6.14)
      rack (>= 1.0.0)
    rack-test (0.5.7)
      rack (>= 1.0)
    rails (3.0.9)
      actionmailer (= 3.0.9)
      actionpack (= 3.0.9)
      activerecord (= 3.0.9)
      activeresource (= 3.0.9)
      activesupport (= 3.0.9)
      bundler (~> 1.0)
      railties (= 3.0.9)
    rails-dev-boost (0.1.1)
    railties (3.0.9)
      actionpack (= 3.0.9)
      activesupport (= 3.0.9)
      rake (>= 0.8.7)
      rdoc (~> 3.4)
      thor (~> 0.14.4)
    rake (0.9.2)
    rdoc (3.9.1)
    responders (0.6.4)
    roo (1.9.5)
      google-spreadsheet-ruby (>= 0.1.5)
      nokogiri (>= 1.4.6)
      spreadsheet (> 0.6.4)
    ruby-ole (1.2.11.1)
    sass (3.1.7)
    spork (0.9.0.rc9-x86-mingw32)
      win32-process
    spork-testunit (0.0.5)
      spork (>= 0.6.0)
    spreadsheet (0.6.5.7)
      ruby-ole (>= 1.0)
    sqlite3 (1.3.4-x86-mingw32)
    test-unit (2.3.0)
    thor (0.14.6)
    treetop (1.4.10)
      polyglot
      polyglot (>= 0.3.1)
    tzinfo (0.3.29)
    warden (1.0.5)
      rack (>= 1.0)
    win32-api (1.4.8-x86-mingw32)
    win32-process (0.6.5)
      windows-pr (>= 1.1.2)
    windows-api (0.4.0)
      win32-api (>= 1.4.5)
    windows-pr (1.2.0)
      win32-api (>= 1.4.5)
      windows-api (>= 0.3.0)
    zip (2.0.2)

PLATFORMS
  x86-mingw32

DEPENDENCIES
  activeadmin
  acts_as_audited (= 2.0.0)
  airbrake
  autotest
  autotest-rails-pure
  cancan
  data_table
  delayed_job
  devise
  fastercsv
  guard-test
  jquery-rails
  json
  mongrel
  nifty-generators
  nokogiri
  pony
  rails (= 3.0.9)
  rails-dev-boost
  roo
  spork (~> 0.9.0.rc)
  spork-testunit
  sqlite3
  zip
